GIT
  remote: git://github.com/dandorman/omniauth-cas.git
  revision: 83210ff52667c2c4574666dcfc9b577542fb595f
  ref: 83210ff52667c2c4574666dcfc9b577542fb595f
  specs:
    omniauth-cas (1.0.4)
      addressable (~> 2.3)
      nokogiri (~> 1.5)
      omniauth (~> 1.2.0)

GIT
  remote: git://github.com/tahi-project/tahi_epub.git
  revision: 3553a9e619ead574f0a92bdfbf77397b11942ba1
  specs:
    tahi_epub (0.0.3)
      activesupport (~> 4.1)
      fog (~> 1.24)
      rubyzip (~> 1.1)

GIT
  remote: https://github.com/rails/activemodel-globalid
  revision: 189c69988b0208d6d4760ae823043b94a84f0814
  specs:
    activemodel-globalid (0.1.1)
      activemodel (>= 4.1.0)
      activesupport (>= 4.1.0)

PATH
  remote: engines/billing_card
  specs:
    billing_card (0.0.1)
      rails (~> 4.2.0)

PATH
  remote: engines/plos_authors
  specs:
    plos_authors (0.0.3)
      rails (~> 4.2.0)

PATH
  remote: engines/standard_tasks
  specs:
    standard_tasks (0.0.1)
      rails (~> 4.2.0)

PATH
  remote: engines/supporting_information
  specs:
    supporting_information (0.0.1)
      rails (~> 4.2.0)

PATH
  remote: engines/upload_manuscript
  specs:
    upload_manuscript (0.0.1)
      rails (~> 4.2.0)

GEM
  remote: https://rubygems.org/
  specs:
    actionmailer (4.2.0)
      actionpack (= 4.2.0)
      actionview (= 4.2.0)
      activejob (= 4.2.0)
      mail (~> 2.5, >= 2.5.4)
      rails-dom-testing (~> 1.0, >= 1.0.5)
    actionpack (4.2.0)
      actionview (= 4.2.0)
      activesupport (= 4.2.0)
      rack (~> 1.6.0)
      rack-test (~> 0.6.2)
      rails-dom-testing (~> 1.0, >= 1.0.5)
      rails-html-sanitizer (~> 1.0, >= 1.0.1)
    actionview (4.2.0)
      activesupport (= 4.2.0)
      builder (~> 3.1)
      erubis (~> 2.7.0)
      rails-dom-testing (~> 1.0, >= 1.0.5)
      rails-html-sanitizer (~> 1.0, >= 1.0.1)
    active_model_serializers (0.8.3)
      activemodel (>= 3.0)
    active_record-acts_as (1.0.3)
      activerecord (~> 4, >= 4.1.2)
      activesupport (~> 4)
    activejob (4.2.0)
      activesupport (= 4.2.0)
      globalid (>= 0.3.0)
    activemodel (4.2.0)
      activesupport (= 4.2.0)
      builder (~> 3.1)
    activerecord (4.2.0)
      activemodel (= 4.2.0)
      activesupport (= 4.2.0)
      arel (~> 6.0)
    activesupport (4.2.0)
      i18n (~> 0.7)
      json (~> 1.7, >= 1.7.7)
      minitest (~> 5.1)
      thread_safe (~> 0.3, >= 0.3.4)
      tzinfo (~> 1.1)
    acts_as_list (0.6.0)
      activerecord (>= 3.0)
    addressable (2.3.6)
    american_date (1.1.0)
    arel (6.0.0)
    bcrypt (3.1.9)
    binding_of_caller (0.7.2)
      debug_inspector (>= 0.0.1)
    bourbon (4.2.0)
      sass (~> 3.4)
      thor
    bower-rails (0.9.2)
    bugsnag (2.7.1)
      multi_json (~> 1.0)
    builder (3.2.2)
    byebug (3.5.1)
      columnize (~> 0.8)
      debugger-linecache (~> 1.2)
      slop (~> 3.6)
    capybara (2.4.4)
      mime-types (>= 1.16)
      nokogiri (>= 1.3.3)
      rack (>= 1.0.0)
      rack-test (>= 0.5.4)
      xpath (~> 2.0)
    capybara-webkit (1.4.1)
      capybara (>= 2.3.0, < 2.5.0)
      json
    carrierwave (0.10.0)
      activemodel (>= 3.2.0)
      activesupport (>= 3.2.0)
      json (>= 1.7)
      mime-types (>= 1.16)
    celluloid (0.16.0)
      timers (~> 4.0.0)
    childprocess (0.5.5)
      ffi (~> 1.0, >= 1.0.11)
    codeclimate-test-reporter (0.4.6)
      simplecov (>= 0.7.1, < 1.0.0)
    coderay (1.1.0)
    coffee-rails (4.1.0)
      coffee-script (>= 2.2.0)
      railties (>= 4.0.0, < 5.0)
    coffee-script (2.3.0)
      coffee-script-source
      execjs
    coffee-script-source (1.8.0)
    columnize (0.9.0)
    connection_pool (2.1.1)
    crack (0.4.2)
      safe_yaml (~> 1.0.0)
    daemons (1.1.9)
    database_cleaner (1.4.0)
    debug_inspector (0.0.2)
    debugger-linecache (1.2.0)
    devise (3.4.1)
      bcrypt (~> 3.0)
      orm_adapter (~> 0.1)
      railties (>= 3.2.6, < 5)
      responders
      thread_safe (~> 0.1)
      warden (~> 1.2.3)
    diff-lcs (1.2.5)
    docile (1.1.5)
    dotenv (1.0.2)
    dotenv-deployment (0.2.0)
      dotenv (~> 1.0)
    ember-cli-rails (0.1.6)
      railties (~> 4.0)
      sprockets-rails (~> 2.0)
    erubis (2.7.0)
    eventmachine (1.0.3)
    excon (0.41.0)
    execjs (2.2.2)
    factory_girl (4.5.0)
      activesupport (>= 3.0.0)
    factory_girl_rails (4.5.0)
      factory_girl (~> 4.5.0)
      railties (>= 3.0.0)
    faraday (0.9.0)
      multipart-post (>= 1.2, < 3)
    faraday_middleware (0.9.1)
      faraday (>= 0.7.4, < 0.10)
    ffi (1.9.6)
    fog (1.24.0)
      fog-brightbox
      fog-core (~> 1.23)
      fog-json
      fog-radosgw (>= 0.0.2)
      fog-sakuracloud (>= 0.0.4)
      fog-softlayer
      ipaddress (~> 0.5)
      nokogiri (~> 1.5, >= 1.5.11)
    fog-brightbox (0.6.1)
      fog-core (~> 1.22)
      fog-json
      inflecto
    fog-core (1.24.0)
      builder
      excon (~> 0.38)
      formatador (~> 0.2)
      mime-types
      net-scp (~> 1.1)
      net-ssh (>= 2.1.3)
    fog-json (1.0.0)
      multi_json (~> 1.0)
    fog-radosgw (0.0.3)
      fog-core (>= 1.21.0)
      fog-json
      fog-xml (>= 0.0.1)
    fog-sakuracloud (0.1.1)
      fog-core
      fog-json
    fog-softlayer (0.3.24)
      fog-core
      fog-json
    fog-xml (0.1.1)
      fog-core
      nokogiri (~> 1.5, >= 1.5.11)
    foreman (0.77.0)
      dotenv (~> 1.0.2)
      thor (~> 0.19.1)
    formatador (0.2.5)
    gepub (0.6.9.2)
      nokogiri (~> 1.6.1)
      rubyzip (>= 1.1.1)
    globalid (0.3.0)
      activesupport (>= 4.1.0)
    hashie (2.1.1)
    heroku-deflater (0.5.3)
      rack (>= 1.4.5)
    hike (1.2.3)
    hitimes (1.2.2)
    humanize (1.1.0)
    i18n (0.7.0)
    inflecto (0.0.2)
    interception (0.5)
    ipaddress (0.8.0)
    json (1.8.2)
    jwt (0.1.13)
      multi_json (>= 1.5)
    kaminari (0.16.3)
      actionpack (>= 3.0.0)
      activesupport (>= 3.0.0)
    launchy (2.4.3)
      addressable (~> 2.3)
    letter_opener (1.3.0)
      launchy (~> 2.2)
    loofah (2.0.1)
      nokogiri (>= 1.5.9)
    mail (2.6.3)
      mime-types (>= 1.16, < 3)
    mail_form (1.5.0)
      actionmailer (>= 3.2, < 5)
      activemodel (>= 3.2, < 5)
    mail_safe (0.3.1)
      actionmailer (>= 1.3.6)
    method_source (0.8.2)
    migration_data (0.0.4)
      rails (>= 4.0.0.rc1)
    mime-types (2.4.3)
    mini_magick (4.0.4)
    mini_portile (0.6.2)
    minitest (5.5.1)
    multi_json (1.10.1)
    multi_xml (0.5.5)
    multipart-post (2.0.0)
    net-scp (1.2.1)
      net-ssh (>= 2.6.5)
    net-ssh (2.9.1)
    netrc (0.7.7)
    newrelic_rpm (3.9.9.275)
    nokogiri (1.6.6.2)
      mini_portile (~> 0.6.0)
    oauth2 (0.9.3)
      faraday (>= 0.8, < 0.10)
      jwt (~> 0.1.8)
      multi_json (~> 1.3)
      multi_xml (~> 0.5)
      rack (~> 1.2)
    omniauth (1.2.1)
      hashie (>= 1.2, < 3)
      rack (~> 1.0)
    omniauth-oauth2 (1.1.2)
      faraday (>= 0.8, < 0.10)
      multi_json (~> 1.3)
      oauth2 (~> 0.9.3)
      omniauth (~> 1.2)
    ordinalize (0.0.3)
      humanize
    orm_adapter (0.5.0)
    pdfkit (0.6.2)
    pg (0.17.0)
    pr_geohash (1.0.0)
    progressbar (0.21.0)
    pry (0.10.1)
      coderay (~> 1.1.0)
      method_source (~> 0.8.1)
      slop (~> 3.4)
    pry-byebug (3.0.1)
      byebug (~> 3.4)
      pry (~> 0.10)
    pry-rails (0.3.3)
      pry (>= 0.9.10)
    pry-rescue (1.4.1)
      interception (>= 0.5)
      pry
    pry-stack_explorer (0.4.9.2)
      binding_of_caller (>= 0.7)
      pry (>= 0.9.11)
    puma (2.11.1)
      rack (>= 1.1, < 2.0)
    quiet_assets (1.1.0)
      railties (>= 3.1, < 5.0)
    rack (1.6.0)
    rack-protection (1.5.3)
      rack
    rack-test (0.6.3)
      rack (>= 1.0)
    rack-timeout (0.0.4)
    rails (4.2.0)
      actionmailer (= 4.2.0)
      actionpack (= 4.2.0)
      actionview (= 4.2.0)
      activejob (= 4.2.0)
      activemodel (= 4.2.0)
      activerecord (= 4.2.0)
      activesupport (= 4.2.0)
      bundler (>= 1.3.0, < 2.0)
      railties (= 4.2.0)
      sprockets-rails
    rails-deprecated_sanitizer (1.0.3)
      activesupport (>= 4.2.0.alpha)
    rails-dom-testing (1.0.5)
      activesupport (>= 4.2.0.beta, < 5.0)
      nokogiri (~> 1.6.0)
      rails-deprecated_sanitizer (>= 1.0.1)
    rails-html-sanitizer (1.0.1)
      loofah (~> 2.0)
    rails_12factor (0.0.3)
      rails_serve_static_assets
      rails_stdout_logging
    rails_serve_static_assets (0.0.2)
    rails_stdout_logging (0.0.3)
    railties (4.2.0)
      actionpack (= 4.2.0)
      activesupport (= 4.2.0)
      rake (>= 0.8.7)
      thor (>= 0.18.1, < 2.0)
    rake (10.4.2)
    rdoc (4.2.0)
      json (~> 1.4)
    redis (3.2.1)
    redis-namespace (1.5.1)
      redis (~> 3.0, >= 3.0.4)
    responders (2.0.2)
      railties (>= 4.2.0.alpha, < 5)
    rest_client (1.7.3)
      netrc (~> 0.7.7)
    rsolr (1.0.10)
      builder (>= 2.1.2)
    rspec (3.2.0)
      rspec-core (~> 3.2.0)
      rspec-expectations (~> 3.2.0)
      rspec-mocks (~> 3.2.0)
    rspec-collection_matchers (1.1.2)
      rspec-expectations (>= 2.99.0.beta1)
    rspec-core (3.2.0)
      rspec-support (~> 3.2.0)
    rspec-expectations (3.2.0)
      diff-lcs (>= 1.2.0, < 2.0)
      rspec-support (~> 3.2.0)
    rspec-instafail (0.2.6)
      rspec
    rspec-its (1.1.0)
      rspec-core (>= 3.0.0)
      rspec-expectations (>= 3.0.0)
    rspec-mocks (3.2.0)
      diff-lcs (>= 1.2.0, < 2.0)
      rspec-support (~> 3.2.0)
    rspec-rails (3.2.0)
      actionpack (>= 3.0, <= 4.2)
      activesupport (>= 3.0, <= 4.2)
      railties (>= 3.0, <= 4.2)
      rspec-core (~> 3.2.0)
      rspec-expectations (~> 3.2.0)
      rspec-mocks (~> 3.2.0)
      rspec-support (~> 3.2.0)
    rspec-support (3.2.1)
    rubyzip (1.1.7)
    safe_yaml (1.0.4)
    sass (3.4.12)
    sass-rails (5.0.1)
      railties (>= 4.0.0, < 5.0)
      sass (~> 3.1)
      sprockets (>= 2.8, < 4.0)
      sprockets-rails (>= 2.0, < 4.0)
      tilt (~> 1.1)
    sdoc (0.4.1)
      json (~> 1.7, >= 1.7.7)
      rdoc (~> 4.0)
    selenium-webdriver (2.45.0.dev3)
      childprocess (~> 0.5)
      multi_json (~> 1.0)
      rubyzip (~> 1.0)
      websocket (~> 1.0)
    sidekiq (3.3.2)
      celluloid (>= 0.16.0)
      connection_pool (>= 2.1.1)
      json
      redis (>= 3.0.6)
      redis-namespace (>= 1.3.1)
    simplecov (0.9.1)
      docile (~> 1.1.0)
      multi_json (~> 1.0)
      simplecov-html (~> 0.8.0)
    simplecov-html (0.8.0)
    sinatra (1.4.5)
      rack (~> 1.4)
      rack-protection (~> 1.4)
      tilt (~> 1.3, >= 1.3.4)
    slop (3.6.0)
    sprockets (2.12.3)
      hike (~> 1.2)
      multi_json (~> 1.0)
      rack (~> 1.0)
      tilt (~> 1.1, != 1.3.0)
    sprockets-rails (2.2.4)
      actionpack (>= 3.0)
      activesupport (>= 3.0)
      sprockets (>= 2.8, < 4.0)
    sunspot (2.1.1)
      pr_geohash (~> 1.0)
      rsolr (~> 1.0.7)
    sunspot-rails-tester (1.0.0)
      sunspot_rails (>= 1.2)
      sunspot_solr (>= 1.2)
    sunspot_rails (2.1.1)
      nokogiri
      rails (>= 3)
      sunspot (= 2.1.1)
    sunspot_solr (2.1.1)
    thin (1.6.3)
      daemons (~> 1.0, >= 1.0.9)
      eventmachine (~> 1.0)
      rack (~> 1.0)
    thor (0.19.1)
    thread_safe (0.3.4)
    tilt (1.4.1)
    timeliness (0.3.7)
    timers (4.0.1)
      hitimes
    twitter-text (1.11.0)
      unf (~> 0.1.0)
    tzinfo (1.2.2)
      thread_safe (~> 0.1)
    uglifier (2.7.0)
      execjs (>= 0.3.0)
      json (>= 1.8.0)
    unf (0.1.4)
      unf_ext
    unf_ext (0.0.6)
    vcr (2.9.3)
    warden (1.2.3)
      rack (>= 1.0)
    webmock (1.20.4)
      addressable (>= 2.3.6)
      crack (>= 0.3.2)
    websocket (1.2.1)
    xpath (2.0.0)
      nokogiri (~> 1.3)

PLATFORMS
  ruby

DEPENDENCIES
  active_model_serializers
  active_record-acts_as
  activemodel-globalid!
  acts_as_list
  american_date
  billing_card!
  bourbon
  bower-rails
  bugsnag
  capybara
  capybara-webkit
  carrierwave
  codeclimate-test-reporter
  coffee-rails
  database_cleaner
  devise
  dotenv
  dotenv-deployment
  ember-cli-rails
  factory_girl_rails
  faraday_middleware
  fog
  foreman
  gepub
  heroku-deflater
  kaminari
  launchy
  letter_opener
  mail_form
  mail_safe (= 0.3.1)
  migration_data
  mini_magick
  newrelic_rpm
  nokogiri
  omniauth-cas!
  omniauth-oauth2
  ordinalize
  pdfkit
  pg
  plos_authors!
  progressbar
  pry-byebug
  pry-rails
  pry-rescue
  pry-stack_explorer
  puma
  quiet_assets
  rack-timeout
  rails (= 4.2.0)
  rails_12factor
  rest_client
  rspec-collection_matchers
  rspec-instafail
  rspec-its
  rspec-rails
  rubyzip
  sass-rails
  sdoc
  selenium-webdriver (>= 2.45.0.dev3)
  sidekiq
  simplecov
  sinatra
  standard_tasks!
  sunspot-rails-tester
  sunspot_rails
  sunspot_solr
  supporting_information!
  tahi_epub!
  thin
  timeliness
  twitter-text
  uglifier
  unf
  upload_manuscript!
  vcr
  webmock
